GIT
  remote: https://github.com/projecttacoma/simplexml_parser.git
  revision: 2d65429e4da156f6c1988c4342c83c303716d781
  branch: master
  specs:
    simplexml_parser (1.0.1)
      health-data-standards (~> 4.0)
      tilt (~> 1.4)

PATH
  remote: .
  specs:
    health-data-standards (4.0)
      activesupport (~> 5.1.0)
      builder (~> 3.1)
      erubis (~> 2.7.0)
      highline (~> 1.7.0)
      memoist (~> 0.9.1)
      mongoid (~> 6.2.1)
      mongoid-tree (~> 2.1.0)
      nokogiri (>= 1.7.1)
      rubyzip (>= 1.0.0)
      uuid (~> 2.3.7)
      zip-zip

GEM
  remote: https://rubygems.org/
  specs:
    activemodel (5.1.4)
      activesupport (= 5.1.4)
    activesupport (5.1.4)
      concurrent-ruby (~> 1.0, >= 1.0.2)
      i18n (~> 0.7)
      minitest (~> 5.1)
      tzinfo (~> 1.1)
    addressable (2.5.2)
      public_suffix (>= 2.0.2, < 4.0)
    ansi (1.5.0)
    awesome_print (1.8.0)
    bson (4.3.0)
    builder (3.2.3)
    byebug (6.0.2)
    cane (2.3.0)
      parallel
    concurrent-ruby (1.0.5)
    crack (0.4.3)
      safe_yaml (~> 1.0.0)
    docile (1.1.5)
    erubis (2.7.0)
    factory_girl (4.1.0)
      activesupport (>= 3.0.0)
    hashdiff (0.3.7)
    highline (1.7.10)
    i18n (0.9.3)
      concurrent-ruby (~> 1.0)
    json (2.1.0)
    log_switch (1.0.0)
    macaddr (1.7.1)
      systemu (~> 2.6.2)
    memoist (0.9.3)
    mini_portile2 (2.3.0)
    minitest (5.11.3)
    minitest-reporters (1.1.19)
      ansi
      builder
      minitest (>= 5.0)
      ruby-progressbar
    mongo (2.5.0)
      bson (>= 4.3.0, < 5.0.0)
    mongoid (6.2.1)
      activemodel (~> 5.1)
      mongo (>= 2.4.1, < 3.0.0)
    mongoid-tree (2.1.0)
      mongoid (>= 4.0, < 7.0)
    nokogiri (1.8.2)
      mini_portile2 (~> 2.3.0)
    parallel (1.12.1)
    public_suffix (3.0.1)
    rake (12.3.0)
    ruby-progressbar (1.9.0)
    rubyzip (1.2.1)
    safe_yaml (1.0.4)
    simplecov (0.15.1)
      docile (~> 1.1.0)
      json (>= 1.8, < 3)
      simplecov-html (~> 0.10.0)
    simplecov-html (0.10.2)
    systemu (2.6.5)
    tailor (1.1.5)
      log_switch (>= 0.3.0)
      term-ansicolor (>= 1.0.5)
      text-table (>= 1.2.2)
    term-ansicolor (1.6.0)
      tins (~> 1.0)
    text-table (1.2.4)
    thread_safe (0.3.6)
    tilt (1.4.1)
    tins (1.16.3)
    tzinfo (1.2.4)
      thread_safe (~> 0.1)
    uuid (2.3.8)
      macaddr (~> 1.0)
    webmock (3.3.0)
      addressable (>= 2.3.6)
      crack (>= 0.3.2)
      hashdiff
    zip-zip (0.3)
      rubyzip (>= 1.0.0)

PLATFORMS
  ruby

DEPENDENCIES
  awesome_print
  byebug (~> 6.0.2)
  cane (~> 2.3.0)
  factory_girl (~> 4.1.0)
  health-data-standards!
  minitest (~> 5.3)
  minitest-reporters
  rake
  simplecov
  simplexml_parser!
  tailor (~> 1.1.2)
  webmock

BUNDLED WITH
   1.16.0
